GEM
  remote: https://rubygems.org/
  specs:
    activemodel (3.2.12)
      activesupport (= 3.2.12)
      builder (~> 3.0.0)
    activesupport (3.2.12)
      i18n (~> 0.6)
      multi_json (~> 1.0)
    ansi (1.4.3)
    archive-tar-minitar (0.5.2)
    builder (3.0.4)
    childprocess (0.3.9)
      ffi (~> 1.0, >= 1.0.11)
    erubis (2.7.0)
    ffi (1.6.0)
    hashr (0.0.22)
    i18n (0.6.4)
    json (1.7.7)
    log4r (1.1.10)
    micromachine (1.0.4)
    mime-types (1.22)
    multi_json (1.7.2)
    net-scp (1.0.4)
      net-ssh (>= 1.99.1)
    net-ssh (2.2.2)
    rake (10.0.4)
    rest-client (1.6.7)
      mime-types (>= 1.16)
    terminal-notifier (1.4.2)
    tire (0.5.7)
      activemodel (>= 3.0)
      activesupport
      ansi
      hashr (~> 0.0.19)
      multi_json (~> 1.3)
      rake
      rest-client (~> 1.6)
    vagrant (1.0.7)
      archive-tar-minitar (= 0.5.2)
      childprocess (~> 0.3.1)
      erubis (~> 2.7.0)
      i18n (~> 0.6.0)
      json (>= 1.5.1, < 1.8.0)
      log4r (~> 1.1.9)
      net-scp (~> 1.0.4)
      net-ssh (~> 2.2.2)
    vagrant-vbguest (0.7.1)
      i18n (~> 0.6.0)
      log4r (~> 1.1.9)
      micromachine (~> 1.0.4)
    yajl-ruby (1.1.0)

PLATFORMS
  ruby

DEPENDENCIES
  ansi
  terminal-notifier
  tire
  vagrant
  vagrant-vbguest
  yajl-ruby
